GEM
  remote: https://rubygems.org/
  specs:
    optparse (0.4.0)
    pdfkit (0.8.7.3)
    wkhtmltopdf-binary (0.12.6.6)
    wkhtmltopdf_runner (0.6.0)

PLATFORMS
  x86_64-linux

DEPENDENCIES
  optparse
  pdfkit
  wkhtmltopdf-binary
  wkhtmltopdf_runner

BUNDLED WITH
   2.3.5
