GEM
  remote: https://rubygems.org/
  specs:
    optparse (0.4.0)
    pdfkit (0.8.7.3)

PLATFORMS
  x86_64-linux

DEPENDENCIES
  optparse
  pdfkit

BUNDLED WITH
   2.3.5
